PATH
  remote: ..
  specs:
    dotfiles_bootstrap (1.0.0)

GEM
  remote: https://rubygems.org/
  specs:
    coderay (1.1.3)
    method_source (1.0.0)
    pry (0.14.0)
      coderay (~> 1.1)
      method_source (~> 1.0)
    rake (13.0.3)
    terminal-notifier (2.0.0)

PLATFORMS
  ruby

DEPENDENCIES
  dotfiles_bootstrap!
  pry
  rake
  terminal-notifier

BUNDLED WITH
   2.1.4
