GIT
  remote: git@github.com:coffeencoke/dotfiles_bootstrap.git
  revision: 7a25697fcb68941390cc9754d1a49118fdfc8037
  specs:
    dotfiles_bootstrap (1.0.0)

GEM
  remote: https://rubygems.org/
  specs:
    coderay (1.1.2)
    method_source (0.9.0)
    pry (0.11.3)
      coderay (~> 1.1.0)
      method_source (~> 0.9.0)
    rake (10.1.0)
    terminal-notifier (1.5.1)

PLATFORMS
  ruby

DEPENDENCIES
  dotfiles_bootstrap!
  pry
  rake
  terminal-notifier

BUNDLED WITH
   1.16.1
